GEM
  remote: https://rubygems.org/
  specs:
    actionmailer (4.0.13)
      actionpack (= 4.0.13)
      mail (~> 2.5, >= 2.5.4)
    actionpack (4.0.13)
      activesupport (= 4.0.13)
      builder (~> 3.1.0)
      erubis (~> 2.7.0)
      rack (~> 1.5.2)
      rack-test (~> 0.6.2)
    activemodel (4.0.13)
      activesupport (= 4.0.13)
      builder (~> 3.1.0)
    activerecord (4.0.13)
      activemodel (= 4.0.13)
      activerecord-deprecated_finders (~> 1.0.2)
      activesupport (= 4.0.13)
      arel (~> 4.0.0)
    activerecord-deprecated_finders (1.0.4)
    activesupport (4.0.13)
      i18n (~> 0.6, >= 0.6.9)
      minitest (~> 4.2)
      multi_json (~> 1.3)
      thread_safe (~> 0.1)
      tzinfo (~> 0.3.37)
    acts_as_list (0.4.0)
      activerecord (>= 3.0)
    addressable (2.7.0)
      public_suffix (>= 2.0.2, < 5.0)
    arel (4.0.2)
    audited (4.0.0)
      rails-observers (~> 0.1.2)
    audited-activerecord (4.0.0)
      activerecord (~> 4.0)
      audited (= 4.0.0)
    bcrypt (3.1.16)
    builder (3.1.4)
    byebug (11.0.1)
    capistrano (2.15.5)
      highline
      net-scp (>= 1.0.0)
      net-sftp (>= 2.0.0)
      net-ssh (>= 2.0.14)
      net-ssh-gateway (>= 1.1.0)
    capistrano-ext (1.2.1)
      capistrano (>= 1.0.0)
    capybara (2.18.0)
      addressable
      mini_mime (>= 0.1.3)
      nokogiri (>= 1.3.3)
      rack (>= 1.0.0)
      rack-test (>= 0.5.4)
      xpath (>= 2.0, < 4.0)
    coderay (1.1.3)
    concurrent-ruby (1.1.9)
    cucumber-gherkin (14.2.0)
      cucumber-messages (~> 12.4, >= 12.4.0)
    cucumber-messages (12.4.0)
      protobuf-cucumber (~> 3.10, >= 3.10.8)
    database_cleaner (1.3.0)
    devise (3.5.10)
      bcrypt (~> 3.0)
      orm_adapter (~> 0.1)
      railties (>= 3.2.6, < 5)
      responders
      thread_safe (~> 0.1)
      warden (~> 1.2.3)
    devise-encryptable (0.2.0)
      devise (>= 2.1.0)
    devise-token_authenticatable (0.4.10)
      devise (>= 3.5.2, < 4.0.0)
    diff-lcs (1.4.4)
    docile (1.3.5)
    dynamic_form (1.1.4)
    erubis (2.7.0)
    factory_bot (4.11.1)
      activesupport (>= 3.0.0)
    factory_bot_rails (4.11.1)
      factory_bot (~> 4.11.1)
      railties (>= 3.0.0)
    haml (4.0.5)
      tilt
    has_scope (0.6.0.rc)
      actionpack (>= 3.2, < 5)
      activesupport (>= 3.2, < 5)
    highline (1.6.21)
    i18n (0.9.5)
      concurrent-ruby (~> 1.0)
    iconv (1.0.8)
    inherited_resources (1.5.0)
      has_scope (~> 0.6.0.rc)
      responders (~> 1.0)
    jquery-rails (3.1.1)
      railties (>= 3.0, < 5.0)
      thor (>= 0.14, < 2.0)
    json (2.5.1)
    kgio (2.9.2)
    mail (2.7.1)
      mini_mime (>= 0.1.1)
    method_source (0.9.2)
    middleware (0.1.0)
    mini_mime (1.1.0)
    mini_portile2 (2.4.0)
    minitest (4.7.5)
    multi_json (1.15.0)
    net-scp (1.2.1)
      net-ssh (>= 2.6.5)
    net-sftp (2.1.2)
      net-ssh (>= 2.6.5)
    net-ssh (2.9.1)
    net-ssh-gateway (1.2.0)
      net-ssh (>= 2.6.5)
    nokogiri (1.10.10)
      mini_portile2 (~> 2.4.0)
    orm_adapter (0.5.0)
    pg (0.17.1)
    power_assert (2.0.0)
    protected_attributes (1.1.4)
      activemodel (>= 4.0.1, < 5.0)
    protobuf-cucumber (3.10.8)
      activesupport (>= 3.2)
      middleware
      thor
      thread_safe
    pry (0.11.3)
      coderay (~> 1.1.0)
      method_source (~> 0.9.0)
    pry-byebug (3.7.0)
      byebug (~> 11.0)
      pry (~> 0.10)
    public_suffix (4.0.6)
    rabl (0.10.1)
      activesupport (>= 2.3.14)
    rack (1.5.5)
    rack-test (0.6.3)
      rack (>= 1.0)
    rails (4.0.13)
      actionmailer (= 4.0.13)
      actionpack (= 4.0.13)
      activerecord (= 4.0.13)
      activesupport (= 4.0.13)
      bundler (>= 1.3.0, < 2.0)
      railties (= 4.0.13)
      sprockets-rails (~> 2.0)
    rails-observers (0.1.5)
      activemodel (>= 4.0)
    railties (4.0.13)
      actionpack (= 4.0.13)
      activesupport (= 4.0.13)
      rake (>= 0.8.7)
      thor (>= 0.18.1, < 2.0)
    raindrops (0.13.0)
    rake (10.5.0)
    responders (1.1.0)
      railties (>= 3.2, < 5)
    rspec (3.9.0)
      rspec-core (~> 3.9.0)
      rspec-expectations (~> 3.9.0)
      rspec-mocks (~> 3.9.0)
    rspec-collection_matchers (1.2.0)
      rspec-expectations (>= 2.99.0.beta1)
    rspec-core (3.9.3)
      rspec-support (~> 3.9.3)
    rspec-expectations (3.9.4)
      diff-lcs (>= 1.2.0, < 2.0)
      rspec-support (~> 3.9.0)
    rspec-html-matchers (0.9.4)
      nokogiri (~> 1)
      rspec (>= 3.0.0.a, < 4)
    rspec-mocks (3.9.1)
      diff-lcs (>= 1.2.0, < 2.0)
      rspec-support (~> 3.9.0)
    rspec-rails (3.9.1)
      actionpack (>= 3.0)
      activesupport (>= 3.0)
      railties (>= 3.0)
      rspec-core (~> 3.9.0)
      rspec-expectations (~> 3.9.0)
      rspec-mocks (~> 3.9.0)
      rspec-support (~> 3.9.0)
    rspec-support (3.9.4)
    ruby-ldap (0.9.16)
    rvm-capistrano (1.5.3)
      capistrano (~> 2.15.4)
    simplecov (0.17.1)
      docile (~> 1.1)
      json (>= 1.8, < 3)
      simplecov-html (~> 0.10.0)
    simplecov-html (0.10.2)
    simpleidn (0.0.5)
    sprockets (3.7.2)
      concurrent-ruby (~> 1.0)
      rack (> 1, < 3)
    sprockets-rails (2.3.3)
      actionpack (>= 3.0)
      activesupport (>= 3.0)
      sprockets (>= 2.8, < 4.0)
    state_machine (1.2.0)
    test-unit (3.4.4)
      power_assert
    thor (1.1.0)
    thread_safe (0.3.6)
    tilt (2.0.10)
    turnip (4.3.0)
      cucumber-gherkin (~> 14.0)
      rspec (>= 3.0, < 4.0)
    tzinfo (0.3.60)
    unicorn (4.8.3)
      kgio (~> 2.6)
      rack
      raindrops (~> 0.7)
    warden (1.2.7)
      rack (>= 1.0)
    will_paginate (3.0.7)
    xpath (3.2.0)
      nokogiri (~> 1.8)

PLATFORMS
  ruby

DEPENDENCIES
  acts_as_list
  audited-activerecord (= 4.0)
  capistrano
  capistrano-ext
  capybara
  database_cleaner
  devise (~> 3.0)
  devise-encryptable
  devise-token_authenticatable
  dynamic_form
  factory_bot_rails (~> 4.9)
  haml
  iconv
  inherited_resources
  jquery-rails
  pg (>= 0.9.0)
  protected_attributes
  pry (~> 0.11.0)
  pry-byebug
  rabl
  rails (= 4.0.13)
  rake (< 11.0)
  rspec-collection_matchers
  rspec-html-matchers
  rspec-rails
  ruby-ldap
  rvm-capistrano
  simplecov
  simpleidn
  state_machine
  test-unit (~> 3.0)
  turnip
  unicorn
  will_paginate (~> 3.0.3)

BUNDLED WITH
   1.17.3
